PATH
  remote: .
  specs:
    rack_mailer (0.0.9)
      mail
      rack

GEM
  remote: http://rubygems.org/
  specs:
    activesupport (3.1.3)
      multi_json (~> 1.0)
    columnize (0.3.4)
    i18n (0.6.0)
    linecache (0.46)
      rbx-require-relative (> 0.0.4)
    mail (2.3.0)
      i18n (>= 0.4.0)
      mime-types (~> 1.16)
      treetop (~> 1.4.8)
    mime-types (1.17.2)
    multi_json (1.0.3)
    polyglot (0.3.3)
    rack (1.3.5)
    rake (0.9.2.2)
    rbx-require-relative (0.0.5)
    ruby-debug (0.10.4)
      columnize (>= 0.1)
      ruby-debug-base (~> 0.10.4.0)
    ruby-debug-base (0.10.4)
      linecache (>= 0.3)
    treetop (1.4.10)
      polyglot
      polyglot (>= 0.3.1)

PLATFORMS
  ruby

DEPENDENCIES
  activesupport
  rack_mailer!
  rake
  ruby-debug
